GIT
  remote: https://github.com/JetBrains/link-checker.git
  revision: 3c945617a239d3f96da888c55f6813d39916a41b
  branch: multiple_fixes
  specs:
    link-checker (0.7.2)
      anemone (~> 0.7.2)
      certified (~> 1.0.0)
      colorize (~> 0.7.3)
      nokogiri (~> 1.6)
      trollop (~> 2.0)

GIT
  remote: https://github.com/citizenmatt/jekyll-git_metadata.git
  revision: 03c85b599fe6c52e3f0253450b9790503a3dd742
  branch: caching
  specs:
    jekyll-git_metadata (0.1.2)
      jekyll (~> 3.0)

GEM
  remote: https://rubygems.org/
  specs:
    addressable (2.5.2)
      public_suffix (>= 2.0.2, < 4.0)
    anemone (0.7.2)
      nokogiri (>= 1.3.0)
      robotex (>= 1.0.0)
    certified (1.0.0)
    colorator (1.1.0)
    colorize (0.7.7)
    ffi (1.9.23)
    ffi (1.9.23-x64-mingw32)
    forwardable-extended (2.6.0)
    jekyll (3.4.5)
      addressable (~> 2.4)
      colorator (~> 1.0)
      jekyll-sass-converter (~> 1.0)
      jekyll-watch (~> 1.1)
      kramdown (~> 1.3)
      liquid (~> 3.0)
      mercenary (~> 0.3.3)
      pathutil (~> 0.9)
      rouge (~> 1.7)
      safe_yaml (~> 1.0)
    jekyll-redirect-from (0.13.0)
      jekyll (~> 3.3)
    jekyll-sass-converter (1.5.2)
      sass (~> 3.4)
    jekyll-watch (1.5.1)
      listen (~> 3.0)
    kramdown (1.16.2)
    liquid (3.0.6)
    listen (3.1.5)
      rb-fsevent (~> 0.9, >= 0.9.4)
      rb-inotify (~> 0.9, >= 0.9.7)
      ruby_dep (~> 1.2)
    mercenary (0.3.6)
    mini_portile2 (2.3.0)
    nokogiri (1.8.2)
      mini_portile2 (~> 2.3.0)
    nokogiri (1.8.2-x64-mingw32)
      mini_portile2 (~> 2.3.0)
    pathutil (0.16.1)
      forwardable-extended (~> 2.6)
    public_suffix (3.0.2)
    rake (12.3.0)
    rb-fsevent (0.10.2)
    rb-inotify (0.9.10)
      ffi (>= 0.5.0, < 2)
    robotex (1.0.0)
    rouge (1.11.1)
    ruby_dep (1.5.0)
    safe_yaml (1.0.4)
    sass (3.5.5)
      sass-listen (~> 4.0.0)
    sass-listen (4.0.0)
      rb-fsevent (~> 0.9, >= 0.9.4)
      rb-inotify (~> 0.9, >= 0.9.7)
    trollop (2.1.2)

PLATFORMS
  ruby
  x64-mingw32

DEPENDENCIES
  jekyll (~> 3.4.3)
  jekyll-git_metadata!
  jekyll-redirect-from
  link-checker!
  rake
  rouge

BUNDLED WITH
   1.16.1
